GEM
  remote: https://rubygems.org/
  specs:
    byebug (11.1.3)
    minitest (5.16.2)

PLATFORMS
  ruby

DEPENDENCIES
  byebug (~> 11.1)
  minitest (~> 5.16)

BUNDLED WITH
   2.1.4
